GEM
  remote: https://rubygems.org/
  specs:
    rake (13.0.6)
    rspec (3.12.0)

PLATFORMS
  ruby
